GIT
  remote: git://github.com/rack/rack.git
  revision: e4172e79b5b68e6bdd2ba45e3e590398fb456308
  specs:
    rack (1.4.1)

GEM
  remote: http://rubygems.org/
  specs:
    SystemTimer (1.2.3)
    activemodel (3.2.2)
      activesupport (= 3.2.2)
      builder (~> 3.0.0)
    activerecord (3.2.2)
      activemodel (= 3.2.2)
      activesupport (= 3.2.2)
      arel (~> 3.0.2)
      tzinfo (~> 0.3.29)
    activesupport (3.2.2)
      i18n (~> 0.6)
      multi_json (~> 1.0)
    arel (3.0.2)
    async_sinatra (0.5.0)
      rack (>= 1.2.1)
      sinatra (>= 1.0)
    backports (2.3.0)
    bcrypt-ruby (3.0.1)
    builder (3.0.0)
    daemons (1.1.8)
    eventmachine (0.12.10)
    haml (3.1.4)
    hiredis (0.4.4)
    i18n (0.6.0)
    json (1.6.5)
    multi_json (1.1.0)
    pg (0.13.2)
    rack-contrib (1.1.0)
      rack (>= 0.9.1)
    rack-flash3 (1.0.1)
      rack
      rack
    rack-protection (1.2.0)
      rack
    rack-test (0.6.1)
      rack (>= 1.0)
    rake (0.9.2.2)
    redis (2.2.2)
    redis-objects (0.5.2)
      redis (>= 2.1.1)
    sass (3.1.15)
    sinatra (1.3.2)
      rack (>= 1.3.6, ~> 1.3)
      rack-protection (~> 1.2)
      tilt (>= 1.3.3, ~> 1.3)
    sinatra-activerecord (0.1.3)
      sinatra (>= 0.9.4)
    sinatra-contrib (1.3.1)
      backports (>= 2.0)
      eventmachine
      rack-protection
      rack-test
      sinatra (~> 1.3.0)
      tilt (~> 1.3)
    sinatra-reloader (1.0)
      sinatra-contrib
    sinatra-settings (0.1.2)
      sinatra (>= 1.0)
    sqlite3 (1.3.5)
    thin (1.3.1)
      daemons (>= 1.0.9)
      eventmachine (>= 0.12.6)
      rack (>= 1.0.0)
    tilt (1.3.3)
    tzinfo (0.3.32)
    will_paginate (3.0.3)

PLATFORMS
  ruby

DEPENDENCIES
  SystemTimer
  activerecord
  activesupport
  async_sinatra
  bcrypt-ruby
  eventmachine
  haml
  hiredis
  json
  pg
  rack!
  rack-contrib
  rack-flash3
  rake
  redis (>= 2.2.0)
  redis-objects
  sass
  sinatra
  sinatra-activerecord (~> 0.1)
  sinatra-reloader
  sinatra-settings
  sqlite3
  thin
  will_paginate (~> 3.0)
