GIT
  remote: git://github.com/rack/rack-contrib.git
  revision: 6f337267eae0bedb4110879f2aea6b1bb2137980
  specs:
    rack-contrib (1.2.0)
      rack (>= 0.9.1)

GIT
  remote: git://github.com/rack/rack.git
  revision: b74afa9573454c6807d90454d9ec62948fbac5dd
  specs:
    rack (1.6.0.alpha)

GIT
  remote: git://github.com/treeder/rack-flash.git
  revision: 1f60bb27a6ce0823a5c3ec368e91906270ab871a
  specs:
    rack-flash3 (1.0.3)
      rack
      rack

GIT
  remote: git://github.com/vangberg/rack-session-redis.git
  revision: 92432854ad0fecbbb12d6011bd7ba4e8853858f0
  specs:
    rack-session-redis (0.0.3)
      redis (>= 2.0.0)

GEM
  remote: https://rubygems.org/
  specs:
    SystemTimer (1.2.3)
    activemodel (3.2.13)
      activesupport (= 3.2.13)
      builder (~> 3.0.0)
    activerecord (3.2.13)
      activemodel (= 3.2.13)
      activesupport (= 3.2.13)
      arel (~> 3.0.2)
      tzinfo (~> 0.3.29)
    activesupport (3.2.13)
      i18n (= 0.6.1)
      multi_json (~> 1.0)
    addressable (2.3.4)
    arel (3.0.2)
    bcrypt-ruby (3.0.1)
    builder (3.0.4)
    capistrano (2.15.4)
      highline
      net-scp (>= 1.0.0)
      net-sftp (>= 2.0.0)
      net-ssh (>= 2.0.14)
      net-ssh-gateway (>= 1.1.0)
    capistrano-platform-resources (0.1.3)
      capistrano (< 3)
    capistrano-rbenv (1.0.5)
      capistrano (< 3)
      capistrano-platform-resources (>= 0.1.3)
    diff-lcs (1.2.4)
    erubis (2.7.0)
    eventmachine (1.0.3)
    haml (4.0.2)
      tilt
    haml-contrib (1.0.0)
      haml (>= 3.2.0.alpha.13)
    hashie (1.2.0)
    highline (1.6.18)
    hipchat (0.8.0)
      httparty
      httparty
    hiredis (0.4.5)
    httparty (0.11.0)
      multi_json (~> 1.0)
      multi_xml (>= 0.5.2)
    i18n (0.6.1)
    json (1.7.7)
    kgio (2.8.0)
    maruku (0.6.1)
      syntax (>= 1.0.0)
    multi_json (1.7.3)
    multi_xml (0.5.3)
    net-scp (1.2.1)
      net-ssh (>= 2.6.5)
    net-sftp (2.1.2)
      net-ssh (>= 2.6.5)
    net-ssh (2.9.1)
    net-ssh-gateway (1.2.0)
      net-ssh (>= 2.6.5)
    oa-core (0.3.2)
    oa-openid (0.3.2)
      oa-core (= 0.3.2)
      rack-openid (~> 1.3.1)
      ruby-openid-apps-discovery (~> 1.2.0)
    omniauth (1.0.3)
      hashie (~> 1.2)
      rack
    omniauth-google-apps (0.0.2)
      omniauth (~> 1.0)
      omniauth-openid (~> 1.0)
      ruby-openid-apps-discovery (~> 1.2.0)
    omniauth-openid (1.0.1)
      omniauth (~> 1.0)
      rack-openid (~> 1.3.1)
    openid-redis-store (0.0.2)
      redis
      ruby-openid
    pg (0.15.1)
    rack-openid (1.3.1)
      rack (>= 1.1.0)
      ruby-openid (>= 2.1.8)
    rack-protection (1.5.0)
      rack
    rack-test (0.6.2)
      rack (>= 1.0)
    raindrops (0.11.0)
    rake (10.0.4)
    redis (3.0.4)
    redis-objects (0.7.0)
      redis (>= 3.0.2)
    rspec (2.13.0)
      rspec-core (~> 2.13.0)
      rspec-expectations (~> 2.13.0)
      rspec-mocks (~> 2.13.0)
    rspec-core (2.13.1)
    rspec-expectations (2.13.0)
      diff-lcs (>= 1.1.3, < 2.0)
    rspec-mocks (2.13.1)
    ruby-openid (2.2.3)
    ruby-openid-apps-discovery (1.2.0)
      ruby-openid (>= 2.1.7)
    sass (3.2.8)
    sinatra (1.4.2)
      rack (~> 1.5, >= 1.5.2)
      rack-protection (~> 1.4)
      tilt (~> 1.3, >= 1.3.4)
    sinatra-activerecord (1.2.2)
      activerecord (~> 3.0)
      sinatra (~> 1.0)
    sinatra-static-assets (1.0.4)
      sinatra (>= 1.1.0)
    sqlite3 (1.3.7)
    syntax (1.0.0)
    tilt (1.4.1)
    tzinfo (0.3.37)
    unicorn (4.6.2)
      kgio (~> 2.6)
      rack
      raindrops (~> 0.7)
    uuidtools (2.1.4)
    will_paginate (3.0.4)
    yajl-ruby (1.1.0)

PLATFORMS
  ruby

DEPENDENCIES
  SystemTimer
  activerecord (>= 3.2.11)
  activesupport
  addressable
  bcrypt-ruby
  builder
  capistrano
  capistrano-rbenv
  erubis
  eventmachine
  haml
  haml-contrib
  hipchat
  hiredis
  json
  maruku
  oa-openid
  omniauth (~> 1.0.3)
  omniauth-google-apps
  openid-redis-store
  pg
  rack!
  rack-contrib!
  rack-flash3!
  rack-session-redis!
  rack-test
  rake
  redis (>= 2.2.0)
  redis-objects
  rspec
  rspec-expectations
  sass
  sinatra
  sinatra-activerecord
  sinatra-static-assets
  sqlite3
  unicorn
  uuidtools
  will_paginate
  yajl-ruby
