GIT
  remote: git://github.com/rack/rack.git
  revision: e7e064611e1004ec62b593ec993a06d967d6c72e
  tag: 1.5.5
  specs:
    rack (1.5.5)

GIT
  remote: git://github.com/sinatra/sinatra.git
  revision: f9446dfc0234f2bcc9f046599ce2a977a049eaa2
  specs:
    sinatra (1.4.6)
      rack (~> 1.5, >= 1.5.4, < 1.6)
      rack-protection (~> 1.4)
      tilt (>= 1.3, < 3)

GIT
  remote: git://github.com/vangberg/rack-session-redis.git
  revision: 92432854ad0fecbbb12d6011bd7ba4e8853858f0
  specs:
    rack-session-redis (0.0.3)
      redis (>= 2.0.0)

GIT
  remote: https://github.com/getsentry/raven-ruby.git
  revision: c45c399d9c29c719822970c4f67a837d3626169d
  specs:
    sentry-raven (0.14.0)
      certifi
      faraday (>= 0.7.6)

GEM
  remote: https://rubygems.org/
  specs:
    SystemTimer (1.2.3)
    activemodel (4.2.3)
      activesupport (= 4.2.3)
      builder (~> 3.1)
    activerecord (4.2.3)
      activemodel (= 4.2.3)
      activesupport (= 4.2.3)
      arel (~> 6.0)
    activesupport (4.2.3)
      i18n (~> 0.7)
      json (~> 1.7, >= 1.7.7)
      minitest (~> 5.1)
      thread_safe (~> 0.3, >= 0.3.4)
      tzinfo (~> 1.1)
    addressable (2.3.8)
    arel (6.0.2)
    bcrypt (3.1.10)
    builder (3.2.2)
    capistrano (3.4.0)
      i18n
      rake (>= 10.0.0)
      sshkit (~> 1.3)
    capistrano-bundler (1.1.4)
      capistrano (~> 3.1)
      sshkit (~> 1.2)
    capistrano-rails (1.1.3)
      capistrano (~> 3.1)
      capistrano-bundler (~> 1.1)
    capistrano-rbenv (2.0.3)
      capistrano (~> 3.1)
      sshkit (~> 1.3)
    capistrano-rbenv-install (1.2.0)
      capistrano (>= 3.0)
      capistrano-rbenv (>= 2.0)
    certifi (14.5.14)
    coderay (1.1.0)
    colorize (0.7.7)
    diff-lcs (1.2.5)
    erubis (2.7.0)
    eventmachine (1.0.7)
    faraday (0.9.1)
      multipart-post (>= 1.2, < 3)
    fast_stack (0.1.0)
      rake
      rake-compiler
    flamegraph (0.1.0)
      fast_stack
    haml (4.1.0.beta.1)
      tilt
    haml-contrib (1.0.0.1)
      haml (>= 3.2.0.alpha.13)
    hashie (1.2.0)
    hipchat (1.5.2)
      httparty
      mimemagic
    hiredis (0.6.0)
    httparty (0.13.5)
      json (~> 1.8)
      multi_xml (>= 0.5.2)
    i18n (0.7.0)
    json (1.8.3)
    kgio (2.9.3)
    maruku (0.7.2)
    memory_profiler (0.9.6)
    method_source (0.8.2)
    mimemagic (0.3.0)
    minitest (5.7.0)
    multi_xml (0.5.5)
    multipart-post (2.0.0)
    net-scp (1.2.1)
      net-ssh (>= 2.6.5)
    net-ssh (2.9.2)
    oa-core (0.3.2)
    oa-openid (0.3.2)
      oa-core (= 0.3.2)
      rack-openid (~> 1.3.1)
      ruby-openid-apps-discovery (~> 1.2.0)
    omniauth (1.0.3)
      hashie (~> 1.2)
      rack
    omniauth-google-apps (0.1.0)
      omniauth (~> 1.0)
      omniauth-openid (~> 1.0)
      ruby-openid (~> 2.3.0)
      ruby-openid-apps-discovery (~> 1.2.0)
    omniauth-openid (1.0.1)
      omniauth (~> 1.0)
      rack-openid (~> 1.3.1)
    openid-redis-store (0.0.2)
      redis
      ruby-openid
    pg (0.18.2)
    pry (0.10.1)
      coderay (~> 1.1.0)
      method_source (~> 0.8.1)
      slop (~> 3.4)
    rack-mini-profiler (0.9.6)
      rack (>= 1.1.3)
    rack-openid (1.3.1)
      rack (>= 1.1.0)
      ruby-openid (>= 2.1.8)
    rack-protection (1.5.3)
      rack
    rack-test (0.6.3)
      rack (>= 1.0)
    raindrops (0.15.0)
    rake (10.4.2)
    rake-compiler (0.9.5)
      rake
    redis (3.2.1)
    redis-objects (1.2.0)
      redis (>= 3.0.2)
    rspec (3.3.0)
      rspec-core (~> 3.3.0)
      rspec-expectations (~> 3.3.0)
      rspec-mocks (~> 3.3.0)
    rspec-core (3.3.2)
      rspec-support (~> 3.3.0)
    rspec-expectations (3.3.1)
      diff-lcs (>= 1.2.0, < 2.0)
      rspec-support (~> 3.3.0)
    rspec-mocks (3.3.2)
      diff-lcs (>= 1.2.0, < 2.0)
      rspec-support (~> 3.3.0)
    rspec-support (3.3.0)
    ruby-openid (2.3.0)
    ruby-openid-apps-discovery (1.2.0)
      ruby-openid (>= 2.1.7)
    sass (3.4.16)
    sinatra-activerecord (2.0.6)
      activerecord (>= 3.2)
      sinatra (~> 1.0)
    sinatra-flash (0.3.0)
      sinatra (>= 1.0.0)
    sinatra-redirect-with-flash (0.2.1)
      sinatra (>= 1.0.0)
    sinatra-static-assets (1.0.4)
      sinatra (>= 1.1.0)
    slop (3.6.0)
    sqlite3 (1.3.10)
    sshkit (1.7.1)
      colorize (>= 0.7.0)
      net-scp (>= 1.1.2)
      net-ssh (>= 2.8.0)
    stackprof (0.2.8)
    thread_safe (0.3.5)
    tilt (2.0.1)
    tzinfo (1.2.2)
      thread_safe (~> 0.1)
    unicorn (4.9.0)
      kgio (~> 2.6)
      rack
      raindrops (~> 0.7)
    uuidtools (2.1.5)
    will_paginate (3.0.7)
    yajl-ruby (1.2.1)

PLATFORMS
  ruby

DEPENDENCIES
  SystemTimer
  activerecord
  activesupport
  addressable
  bcrypt
  builder
  capistrano
  capistrano-bundler
  capistrano-rails
  capistrano-rbenv
  capistrano-rbenv-install
  erubis
  eventmachine
  flamegraph
  haml
  haml-contrib
  hipchat
  hiredis
  json
  maruku
  memory_profiler
  oa-openid
  omniauth (~> 1.0.3)
  omniauth-google-apps
  openid-redis-store
  pg
  pry
  rack (~> 1.5)!
  rack-mini-profiler
  rack-session-redis!
  rack-test
  rake
  redis (>= 2.2.0)
  redis-objects
  rspec
  rspec-expectations
  sass
  sentry-raven!
  sinatra!
  sinatra-activerecord
  sinatra-flash
  sinatra-redirect-with-flash
  sinatra-static-assets
  sqlite3
  stackprof
  unicorn
  uuidtools
  will_paginate
  yajl-ruby

BUNDLED WITH
   1.11.2
